PATH
  remote: .
  specs:
    my_page (1.0.0)
      grids

GEM
  remote: https://rubygems.org/
  specs:
    ffi (1.16.3)
    grids (1.2.1)
      sass (~> 3.2)
    rb-fsevent (0.11.2)
    rb-inotify (0.10.1)
      ffi (~> 1.0)
    sass (3.7.4)
      sass-listen (~> 4.0.0)
    sass-listen (4.0.0)
      rb-fsevent (~> 0.9, >= 0.9.4)
      rb-inotify (~> 0.9, >= 0.9.7)

PLATFORMS
  arm64-darwin-22
  ruby

DEPENDENCIES
  my_page!

BUNDLED WITH
   2.5.10
