PATH
  remote: .
  specs:
    openproject-two_factor_authentication (1.0.0)
      aws-sdk-sns (~> 1.74.0)
      messagebird-rest (~> 1.4.2)
      rotp (~> 6.1)
      webauthn (~> 3.0)

GEM
  remote: https://rubygems.org/
  specs:
    android_key_attestation (0.3.0)
    awrence (1.2.1)
    aws-eventstream (1.3.0)
    aws-partitions (1.908.0)
    aws-sdk-core (3.195.0)
      aws-eventstream (~> 1, >= 1.3.0)
      aws-partitions (~> 1, >= 1.651.0)
      aws-sigv4 (~> 1.8)
      jmespath (~> 1, >= 1.6.1)
    aws-sdk-sns (1.74.0)
      aws-sdk-core (~> 3, >= 3.193.0)
      aws-sigv4 (~> 1.1)
    aws-sigv4 (1.8.0)
      aws-eventstream (~> 1, >= 1.0.2)
    base64 (0.2.0)
    bindata (2.5.0)
    cbor (0.5.9.8)
    cose (1.3.0)
      cbor (~> 0.5.9)
      openssl-signature_algorithm (~> 1.0)
    jmespath (1.6.2)
    jwt (2.8.1)
      base64
    messagebird-rest (1.4.2)
    openssl (3.2.0)
    openssl-signature_algorithm (1.3.0)
      openssl (> 2.0)
    rotp (6.3.0)
    safety_net_attestation (0.4.0)
      jwt (~> 2.0)
    tpm-key_attestation (0.12.0)
      bindata (~> 2.4)
      openssl (> 2.0)
      openssl-signature_algorithm (~> 1.0)
    webauthn (3.1.0)
      android_key_attestation (~> 0.3.0)
      awrence (~> 1.1)
      bindata (~> 2.4)
      cbor (~> 0.5.9)
      cose (~> 1.1)
      openssl (>= 2.2)
      safety_net_attestation (~> 0.4.0)
      tpm-key_attestation (~> 0.12.0)

PLATFORMS
  arm64-darwin-22
  ruby

DEPENDENCIES
  openproject-two_factor_authentication!

BUNDLED WITH
   2.5.10
