PATH
  remote: .
  specs:
    grids (1.0.0)

GEM
  remote: https://rubygems.org/
  specs:

PLATFORMS
  arm64-darwin-22
  ruby

DEPENDENCIES
  grids!

BUNDLED WITH
   2.5.10
