PATH
  remote: .
  specs:
    budgets (1.0.0)

GEM
  remote: https://rubygems.org/
  specs:

PLATFORMS
  arm64-darwin-22
  ruby

DEPENDENCIES
  budgets!

BUNDLED WITH
   2.5.10
